GIT
  remote: https://github.com/cenit-io/cenit-config.git
  revision: 57c90cbde2cb550d7b8d73e45c3ce37929cf96b6
  specs:
    cenit-config (0.0.1)

GIT
  remote: https://github.com/cenit-io/cenit-multi_tenancy.git
  revision: c27a9c0e1f185e74ebb8b01a3aaf915bb7d990c1
  specs:
    cenit-multi_tenancy (0.0.1)
      cenit-config
      glebtv_mongoid_userstamp
      mongoid (>= 5.0.1)

GIT
  remote: https://github.com/cenit-io/cenit-service.git
  revision: 5653c22fa9828a53414128533e6b53018c77c8fb
  specs:
    cenit-service (0.0.1)
      cenit-config
      cenit-multi_tenancy
      cenit-token
      cross_origin
      mongoid
      rails (>= 4.2.5)

GIT
  remote: https://github.com/cenit-io/cenit-token.git
  revision: ecf26773bbb560cab822b1bf9102f367fea159ac
  specs:
    cenit-token (0.0.1)
      mongoid (>= 5.0.1)
      rails (>= 4.2.5)

GIT
  remote: https://github.com/macarci/cross_origin.git
  revision: a82d001eb0f98a206739727397242e6d5a9c097f
  specs:
    cross_origin (0.0.3)

GEM
  remote: https://rubygems.org/
  specs:
    actionmailer (4.2.5)
      actionpack (= 4.2.5)
      actionview (= 4.2.5)
      activejob (= 4.2.5)
      mail (~> 2.5, >= 2.5.4)
      rails-dom-testing (~> 1.0, >= 1.0.5)
    actionpack (4.2.5)
      actionview (= 4.2.5)
      activesupport (= 4.2.5)
      rack (~> 1.6)
      rack-test (~> 0.6.2)
      rails-dom-testing (~> 1.0, >= 1.0.5)
      rails-html-sanitizer (~> 1.0, >= 1.0.2)
    actionview (4.2.5)
      activesupport (= 4.2.5)
      builder (~> 3.1)
      erubis (~> 2.7.0)
      rails-dom-testing (~> 1.0, >= 1.0.5)
      rails-html-sanitizer (~> 1.0, >= 1.0.2)
    activejob (4.2.5)
      activesupport (= 4.2.5)
      globalid (>= 0.3.0)
    activemodel (4.2.5)
      activesupport (= 4.2.5)
      builder (~> 3.1)
    activerecord (4.2.5)
      activemodel (= 4.2.5)
      activesupport (= 4.2.5)
      arel (~> 6.0)
    activesupport (4.2.5)
      i18n (~> 0.7)
      json (~> 1.7, >= 1.7.7)
      minitest (~> 5.1)
      thread_safe (~> 0.3, >= 0.3.4)
      tzinfo (~> 1.1)
    arel (6.0.3)
    bson (3.2.6)
    builder (3.2.4)
    concurrent-ruby (1.0.0)
    crass (1.0.6)
    erubis (2.7.0)
    glebtv_mongoid_userstamp (0.7.0)
      mongoid (>= 4.0.0, < 6.1)
      request_store
    globalid (0.4.2)
      activesupport (>= 4.2.0)
    i18n (0.9.5)
      concurrent-ruby (~> 1.0)
    json (1.8.6)
    loofah (2.10.0)
      crass (~> 1.0.2)
      nokogiri (>= 1.5.9)
    mail (2.7.1)
      mini_mime (>= 0.1.1)
    mini_mime (1.1.0)
    mini_portile2 (2.5.3)
    minitest (5.14.4)
    mongo (2.1.2)
      bson (~> 3.0)
    mongoid (5.0.1)
      activemodel (~> 4.0)
      mongo (~> 2.1)
      origin (~> 2.1)
      tzinfo (>= 0.3.37)
    nokogiri (1.11.7)
      mini_portile2 (~> 2.5.0)
      racc (~> 1.4)
    origin (2.1.1)
    racc (1.5.2)
    rack (1.6.13)
    rack-test (0.6.3)
      rack (>= 1.0)
    rails (4.2.5)
      actionmailer (= 4.2.5)
      actionpack (= 4.2.5)
      actionview (= 4.2.5)
      activejob (= 4.2.5)
      activemodel (= 4.2.5)
      activerecord (= 4.2.5)
      activesupport (= 4.2.5)
      bundler (>= 1.3.0, < 2.0)
      railties (= 4.2.5)
      sprockets-rails
    rails-deprecated_sanitizer (1.0.4)
      activesupport (>= 4.2.0.alpha)
    rails-dom-testing (1.0.9)
      activesupport (>= 4.2.0, < 5.0)
      nokogiri (~> 1.6)
      rails-deprecated_sanitizer (>= 1.0.1)
    rails-html-sanitizer (1.3.0)
      loofah (~> 2.3)
    railties (4.2.5)
      actionpack (= 4.2.5)
      activesupport (= 4.2.5)
      rake (>= 0.8.7)
      thor (>= 0.18.1, < 2.0)
    rake (11.3.0)
    request_store (1.3.1)
    sprockets (3.5.2)
      concurrent-ruby (~> 1.0)
      rack (> 1, < 3)
    sprockets-rails (3.0.1)
      actionpack (>= 4.0)
      activesupport (>= 4.0)
      sprockets (>= 3.0.0)
    thor (0.19.1)
    thread_safe (0.3.6)
    tzinfo (1.2.9)
      thread_safe (~> 0.1)

PLATFORMS
  ruby

DEPENDENCIES
  cenit-config!
  cenit-multi_tenancy!
  cenit-service!
  cenit-token!
  cross_origin!
  mongoid (>= 5.0.1)
  rails (= 4.2.5)

BUNDLED WITH
   1.12.4
